GEM
  remote: https://rubygems.org/
  specs:
    activesupport (3.2.14)
      i18n (~> 0.6, >= 0.6.4)
      multi_json (~> 1.0)
    childprocess (0.3.9)
      ffi (~> 1.0, >= 1.0.11)
    claide (0.3.2)
    cocoapods (0.21.0.rc1)
      activesupport (~> 3.2.13)
      claide (~> 0.3.2)
      cocoapods-core (= 0.21.0.rc1)
      cocoapods-downloader (~> 0.1.1)
      colored (~> 1.2)
      escape (~> 0.0.4)
      json (~> 1.8.0)
      open4 (~> 1.3.0)
      xcodeproj (~> 0.7.0)
    cocoapods-core (0.21.0.rc1)
      activesupport (~> 3.2.13)
      json (~> 1.8.0)
      nap (~> 0.5.1)
    cocoapods-downloader (0.1.1)
    colored (1.2)
    diff-lcs (1.2.4)
    escape (0.0.4)
    ffi (1.9.0)
    i18n (0.6.4)
    jasmine (1.3.2)
      jasmine-core (~> 1.3.1)
      rack (~> 1.0)
      rspec (>= 1.3.1)
      selenium-webdriver (>= 0.1.3)
    jasmine-core (1.3.1)
    json (1.8.0)
    multi_json (1.7.7)
    nap (0.5.1)
    open4 (1.3.0)
    pod (0.0.2)
    rack (1.5.2)
    rake (10.1.0)
    rspec (2.14.1)
      rspec-core (~> 2.14.0)
      rspec-expectations (~> 2.14.0)
      rspec-mocks (~> 2.14.0)
    rspec-core (2.14.4)
    rspec-expectations (2.14.0)
      diff-lcs (>= 1.1.3, < 2.0)
    rspec-mocks (2.14.1)
    rubyzip (0.9.9)
    selenium-webdriver (2.33.0)
      childprocess (>= 0.2.5)
      multi_json (~> 1.0)
      rubyzip
      websocket (~> 1.0.4)
    websocket (1.0.7)
    xcodeproj (0.7.1)
      activesupport (~> 3.2.13)
      colored (~> 1.2)

PLATFORMS
  ruby

DEPENDENCIES
  cocoapods (= 0.21.0.rc1)
  jasmine
  pod
  rake
