GEM
  remote: https://rubygems.org/
  specs:
    activesupport (3.2.15)
      i18n (~> 0.6, >= 0.6.4)
      multi_json (~> 1.0)
    childprocess (0.3.9)
      ffi (~> 1.0, >= 1.0.11)
    claide (0.3.2)
    cocoapods (0.27.1)
      activesupport (>= 3.2.15, < 4)
      claide (~> 0.3.2)
      cocoapods-core (= 0.27.1)
      cocoapods-downloader (~> 0.2.0)
      colored (~> 1.2)
      escape (~> 0.0.4)
      json_pure (~> 1.8)
      open4 (~> 1.3)
      xcodeproj (~> 0.14.0)
    cocoapods-core (0.27.1)
      activesupport (>= 3.2.15, < 4)
      json_pure (~> 1.8)
      nap (~> 0.5)
    cocoapods-downloader (0.2.0)
    colored (1.2)
    diff-lcs (1.2.4)
    escape (0.0.4)
    ffi (1.9.0)
    i18n (0.6.5)
    jasmine (1.3.2)
      jasmine-core (~> 1.3.1)
      rack (~> 1.0)
      rspec (>= 1.3.1)
      selenium-webdriver (>= 0.1.3)
    jasmine-core (1.3.1)
    json_pure (1.8.1)
    multi_json (1.8.2)
    nap (0.5.1)
    open4 (1.3.0)
    pod (0.0.2)
    rack (1.5.2)
    rake (10.1.0)
    rspec (2.14.1)
      rspec-core (~> 2.14.0)
      rspec-expectations (~> 2.14.0)
      rspec-mocks (~> 2.14.0)
    rspec-core (2.14.6)
    rspec-expectations (2.14.3)
      diff-lcs (>= 1.1.3, < 2.0)
    rspec-mocks (2.14.4)
    rubyzip (1.0.0)
    selenium-webdriver (2.37.0)
      childprocess (>= 0.2.5)
      multi_json (~> 1.0)
      rubyzip (~> 1.0.0)
      websocket (~> 1.0.4)
    websocket (1.0.7)
    xcodeproj (0.14.0)
      activesupport (~> 3.0)
      colored (~> 1.2)

PLATFORMS
  ruby

DEPENDENCIES
  cocoapods
  jasmine
  pod
  rake
